GEM
  remote: https://rubygems.org/
  specs:
    actioncable (6.0.2.1)
      actionpack (= 6.0.2.1)
      nio4r (~> 2.0)
      websocket-driver (>= 0.6.1)
    actionmailbox (6.0.2.1)
      actionpack (= 6.0.2.1)
      activejob (= 6.0.2.1)
      activerecord (= 6.0.2.1)
      activestorage (= 6.0.2.1)
      activesupport (= 6.0.2.1)
      mail (>= 2.7.1)
    actionmailer (6.0.2.1)
      actionpack (= 6.0.2.1)
      actionview (= 6.0.2.1)
      activejob (= 6.0.2.1)
      mail (~> 2.5, >= 2.5.4)
      rails-dom-testing (~> 2.0)
    actionpack (6.0.2.1)
      actionview (= 6.0.2.1)
      activesupport (= 6.0.2.1)
      rack (~> 2.0, >= 2.0.8)
      rack-test (>= 0.6.3)
      rails-dom-testing (~> 2.0)
      rails-html-sanitizer (~> 1.0, >= 1.2.0)
    actiontext (6.0.2.1)
      actionpack (= 6.0.2.1)
      activerecord (= 6.0.2.1)
      activestorage (= 6.0.2.1)
      activesupport (= 6.0.2.1)
      nokogiri (>= 1.8.5)
    actionview (6.0.2.1)
      activesupport (= 6.0.2.1)
      builder (~> 3.1)
      erubi (~> 1.4)
      rails-dom-testing (~> 2.0)
      rails-html-sanitizer (~> 1.1, >= 1.2.0)
    activejob (6.0.2.1)
      activesupport (= 6.0.2.1)
      globalid (>= 0.3.6)
    activemodel (6.0.2.1)
      activesupport (= 6.0.2.1)
    activerecord (6.0.2.1)
      activemodel (= 6.0.2.1)
      activesupport (= 6.0.2.1)
    activerecord-session_store (1.1.3)
      actionpack (>= 4.0)
      activerecord (>= 4.0)
      multi_json (~> 1.11, >= 1.11.2)
      rack (>= 1.5.2, < 3)
      railties (>= 4.0)
    activestorage (6.0.2.1)
      actionpack (= 6.0.2.1)
      activejob (= 6.0.2.1)
      activerecord (= 6.0.2.1)
      marcel (~> 0.3.1)
    activesupport (6.0.2.1)
      concurrent-ruby (~> 1.0, >= 1.0.2)
      i18n (>= 0.7, < 2)
      minitest (~> 5.1)
      tzinfo (~> 1.1)
      zeitwerk (~> 2.2)
    addressable (2.7.0)
      public_suffix (>= 2.0.2, < 5.0)
    ancestry (3.0.7)
      activerecord (>= 3.2.0)
    annotate (3.0.2)
      activerecord (>= 3.2, < 7.0)
      rake (>= 10.4, < 13.0)
    ast (2.4.0)
    aws-eventstream (1.0.3)
    aws-partitions (1.233.0)
    aws-sdk-core (3.74.0)
      aws-eventstream (~> 1.0, >= 1.0.2)
      aws-partitions (~> 1, >= 1.228.0)
      aws-sigv4 (~> 1.1)
      jmespath (~> 1.0)
    aws-sdk-kms (1.25.0)
      aws-sdk-core (~> 3, >= 3.71.0)
      aws-sigv4 (~> 1.1)
    aws-sdk-s3 (1.53.0)
      aws-sdk-core (~> 3, >= 3.71.0)
      aws-sdk-kms (~> 1)
      aws-sigv4 (~> 1.1)
    aws-sigv4 (1.1.0)
      aws-eventstream (~> 1.0, >= 1.0.2)
    axiom-types (0.1.1)
      descendants_tracker (~> 0.0.4)
      ice_nine (~> 0.11.0)
      thread_safe (~> 0.3, >= 0.3.1)
    brakeman (4.7.1)
    builder (3.2.4)
    byebug (11.0.1)
    capybara (3.29.0)
      addressable
      mini_mime (>= 0.1.3)
      nokogiri (~> 1.8)
      rack (>= 1.6.0)
      rack-test (>= 0.6.3)
      regexp_parser (~> 1.5)
      xpath (~> 3.2)
    carrierwave (2.0.2)
      activemodel (>= 5.0.0)
      activesupport (>= 5.0.0)
      addressable (~> 2.6)
      image_processing (~> 1.1)
      mimemagic (>= 0.3.0)
      mini_mime (>= 0.1.3)
    childprocess (3.0.0)
    chronic (0.10.2)
    coderay (1.1.2)
    coercible (1.0.0)
      descendants_tracker (~> 0.0.1)
    coffee-rails (5.0.0)
      coffee-script (>= 2.2.0)
      railties (>= 5.2.0)
    coffee-script (2.4.1)
      coffee-script-source
      execjs
    coffee-script-source (1.12.2)
    concurrent-ruby (1.1.5)
    countries (3.0.0)
      i18n_data (~> 0.8.0)
      sixarm_ruby_unaccent (~> 1.1)
      unicode_utils (~> 1.4)
    country_select (4.0.0)
      countries (~> 3.0)
      sort_alphabetical (~> 1.0)
    crack (0.4.3)
      safe_yaml (~> 1.0.0)
    crass (1.0.5)
    css_parser (1.7.0)
      addressable
    daemon (1.2.0)
    delayed_job (4.1.8)
      activesupport (>= 3.0, < 6.1)
    delayed_job_active_record (4.1.4)
      activerecord (>= 3.0, < 6.1)
      delayed_job (>= 3.0, < 5)
    descendants_tracker (0.0.4)
      thread_safe (~> 0.3, >= 0.3.1)
    diff-lcs (1.3)
    docile (1.3.2)
    dotenv (2.7.5)
    dotenv-rails (2.7.5)
      dotenv (= 2.7.5)
      railties (>= 3.2, < 6.1)
    elasticsearch (6.8.0)
      elasticsearch-api (= 6.8.0)
      elasticsearch-transport (= 6.8.0)
    elasticsearch-api (6.8.0)
      multi_json
    elasticsearch-model (6.0.0)
      activesupport (> 3)
      elasticsearch (> 1)
      hashie
    elasticsearch-rails (6.1.0)
    elasticsearch-transport (6.8.0)
      faraday
      multi_json
    equalizer (0.0.11)
    erubi (1.9.0)
    erubis (2.7.0)
    excon (0.71.1)
    execjs (2.7.0)
    factory_bot (5.1.1)
      activesupport (>= 4.2.0)
    factory_bot_rails (5.1.1)
      factory_bot (~> 5.1.0)
      railties (>= 4.2.0)
    faker (2.7.0)
      i18n (>= 1.6, < 1.8)
    faraday (0.17.0)
      multipart-post (>= 1.2, < 3)
    fastimage (2.1.7)
    ffi (1.11.1)
    fog-aws (3.5.2)
      fog-core (~> 2.1)
      fog-json (~> 1.1)
      fog-xml (~> 0.1)
      ipaddress (~> 0.8)
    fog-core (2.1.2)
      builder
      excon (~> 0.58)
      formatador (~> 0.2)
      mime-types
    fog-json (1.2.0)
      fog-core
      multi_json (~> 1.10)
    fog-xml (0.1.3)
      fog-core
      nokogiri (>= 1.5.11, < 2.0.0)
    formatador (0.2.5)
    friendly_id (5.3.0)
      activerecord (>= 4.0.0)
    geckoboard-ruby (0.4.0)
    globalid (0.4.2)
      activesupport (>= 4.2.0)
    govuk_elements_form_builder (0.1.1)
      rails (>= 4.2)
    govuk_elements_rails (2.2.1)
      govuk_frontend_toolkit (>= 5.0.2)
      rails (>= 4.1.0)
      sass (>= 3.2.0)
    govuk_frontend_toolkit (9.0.0)
      railties (>= 3.1.0)
      sass (>= 3.2.0)
    govuk_template (0.26.0)
      rails (>= 3.1)
    haml (5.1.2)
      temple (>= 0.8.0)
      tilt
    haml-rails (2.0.1)
      actionpack (>= 5.1)
      activesupport (>= 5.1)
      haml (>= 4.0.6, < 6.0)
      html2haml (>= 1.0.1)
      railties (>= 5.1)
    hashdiff (1.0.0)
    hashie (3.6.0)
    health_check (3.0.0)
      railties (>= 5.0)
    html2haml (2.2.0)
      erubis (~> 2.7.0)
      haml (>= 4.0, < 6)
      nokogiri (>= 1.6.0)
      ruby_parser (~> 3.5)
    htmlentities (4.3.4)
    i18n (1.7.0)
      concurrent-ruby (~> 1.0)
    i18n_data (0.8.0)
    ice_nine (0.11.2)
    image_processing (1.9.3)
      mini_magick (>= 4.9.5, < 5)
      ruby-vips (>= 2.0.13, < 3)
    inflection (1.0.0)
    ipaddress (0.8.3)
    jaro_winkler (1.5.4)
    jasmine-core (3.5.0)
    jasmine-rails (0.15.0)
      jasmine-core (>= 1.3, < 4.0)
      phantomjs (>= 1.9)
      railties (>= 3.2.0)
      sprockets-rails
    jmespath (1.4.0)
    jquery-rails (4.3.5)
      rails-dom-testing (>= 1, < 3)
      railties (>= 4.2.0)
      thor (>= 0.14, < 2.0)
    json (2.2.0)
    jwt (2.2.1)
    kramdown (2.1.0)
    logstash-event (1.2.02)
    logstasher (1.3.0)
      activesupport (>= 4.0)
      logstash-event (~> 1.2.0)
      request_store
    loofah (2.4.0)
      crass (~> 1.0.2)
      nokogiri (>= 1.5.9)
    mail (2.7.1)
      mini_mime (>= 0.1.1)
    marcel (0.3.3)
      mimemagic (~> 0.3.2)
    method_source (0.9.2)
    mime-types (3.3)
      mime-types-data (~> 3.2015)
    mime-types-data (3.2019.1009)
    mimemagic (0.3.3)
    mini_magick (4.9.5)
    mini_mime (1.0.2)
    mini_portile2 (2.4.0)
    minitest (5.13.0)
    multi_json (1.14.1)
    multi_xml (0.6.0)
    multipart-post (2.1.1)
    nio4r (2.5.2)
    nokogiri (1.10.7)
      mini_portile2 (~> 2.4.0)
    oauth2 (1.4.2)
      faraday (>= 0.8, < 2.0)
      jwt (>= 1.0, < 3.0)
      multi_json (~> 1.3)
      multi_xml (~> 0.5)
      rack (>= 1.2, < 3)
    omniauth (1.9.0)
      hashie (>= 3.4.6, < 3.7.0)
      rack (>= 1.6.2, < 3)
    omniauth-oauth2 (1.6.0)
      oauth2 (~> 1.1)
      omniauth (~> 1.9)
    paper_trail (10.3.1)
      activerecord (>= 4.2)
      request_store (~> 1.1)
    parallel (1.18.0)
    parser (2.6.5.0)
      ast (~> 2.4.0)
    pg (1.1.4)
    phantomjs (2.1.1.0)
    premailer (1.11.1)
      addressable
      css_parser (>= 1.6.0)
      htmlentities (>= 4.0.0)
    premailer-rails (1.10.3)
      actionmailer (>= 3)
      premailer (~> 1.7, >= 1.7.9)
    pry (0.12.2)
      coderay (~> 1.1.0)
      method_source (~> 0.9.0)
    pry-byebug (3.7.0)
      byebug (~> 11.0)
      pry (~> 0.10)
    pry-rails (0.3.9)
      pry (>= 0.10.4)
    public_suffix (4.0.1)
    puma (4.3.1)
      nio4r (~> 2.0)
    pundit (2.1.0)
      activesupport (>= 3.0.0)
    rack (2.0.8)
    rack-test (1.1.0)
      rack (>= 1.0, < 3)
    rails (6.0.2.1)
      actioncable (= 6.0.2.1)
      actionmailbox (= 6.0.2.1)
      actionmailer (= 6.0.2.1)
      actionpack (= 6.0.2.1)
      actiontext (= 6.0.2.1)
      actionview (= 6.0.2.1)
      activejob (= 6.0.2.1)
      activemodel (= 6.0.2.1)
      activerecord (= 6.0.2.1)
      activestorage (= 6.0.2.1)
      activesupport (= 6.0.2.1)
      bundler (>= 1.3.0)
      railties (= 6.0.2.1)
      sprockets-rails (>= 2.0.0)
    rails-controller-testing (1.0.4)
      actionpack (>= 5.0.1.x)
      actionview (>= 5.0.1.x)
      activesupport (>= 5.0.1.x)
    rails-dom-testing (2.0.3)
      activesupport (>= 4.2.0)
      nokogiri (>= 1.6)
    rails-html-sanitizer (1.3.0)
      loofah (~> 2.3)
    rails_12factor (0.0.3)
      rails_serve_static_assets
      rails_stdout_logging
    rails_serve_static_assets (0.0.5)
    rails_stdout_logging (0.0.5)
    railties (6.0.2.1)
      actionpack (= 6.0.2.1)
      activesupport (= 6.0.2.1)
      method_source
      rake (>= 0.8.7)
      thor (>= 0.20.3, < 2.0)
    rainbow (3.0.0)
    rake (12.3.3)
    rb-fsevent (0.10.3)
    rb-inotify (0.10.0)
      ffi (~> 1.0)
    regexp_parser (1.6.0)
    request_store (1.4.1)
      rack (>= 1.4)
    rspec-core (3.9.1)
      rspec-support (~> 3.9.1)
    rspec-expectations (3.9.0)
      diff-lcs (>= 1.2.0, < 2.0)
      rspec-support (~> 3.9.0)
    rspec-json_expectations (2.2.0)
    rspec-mocks (3.9.1)
      diff-lcs (>= 1.2.0, < 2.0)
      rspec-support (~> 3.9.0)
    rspec-rails (4.0.0.beta4)
      actionpack (>= 4.2)
      activesupport (>= 4.2)
      railties (>= 4.2)
      rspec-core (~> 3.9)
      rspec-expectations (~> 3.9)
      rspec-mocks (~> 3.9)
      rspec-support (~> 3.9)
    rspec-support (3.9.2)
    rubocop (0.76.0)
      jaro_winkler (~> 1.5.1)
      parallel (~> 1.10)
      parser (>= 2.6)
      rainbow (>= 2.2.2, < 4.0)
      ruby-progressbar (~> 1.7)
      unicode-display_width (>= 1.4.0, < 1.7)
    rubocop-performance (1.5.0)
      rubocop (>= 0.71.0)
    rubocop-rspec (1.36.0)
      rubocop (>= 0.68.1)
    ruby-progressbar (1.10.1)
    ruby-vips (2.0.16)
      ffi (~> 1.9)
    ruby_parser (3.14.1)
      sexp_processor (~> 4.9)
    rubyzip (2.0.0)
    safe_yaml (1.0.5)
    sass (3.7.4)
      sass-listen (~> 4.0.0)
    sass-listen (4.0.0)
      rb-fsevent (~> 0.9, >= 0.9.4)
      rb-inotify (~> 0.9, >= 0.9.7)
    sass-rails (6.0.0)
      sassc-rails (~> 2.1, >= 2.1.1)
    sassc (2.2.1)
      ffi (~> 1.9)
    sassc-rails (2.1.2)
      railties (>= 4.0.0)
      sassc (>= 2.0)
      sprockets (> 3.0)
      sprockets-rails
      tilt
    selenium-webdriver (3.142.6)
      childprocess (>= 0.5, < 4.0)
      rubyzip (>= 1.2.2)
    sentry-raven (2.12.2)
      faraday (>= 0.7.6, < 1.0)
    sexp_processor (4.13.0)
    shoulda-matchers (4.1.2)
      activesupport (>= 4.2.0)
    simplecov (0.17.1)
      docile (~> 1.1)
      json (>= 1.8, < 3)
      simplecov-html (~> 0.10.0)
    simplecov-html (0.10.2)
    site_prism (3.4.1)
      addressable (~> 2.5)
      capybara (~> 3.3)
      site_prism-all_there (~> 0.3)
    site_prism-all_there (0.3)
    sixarm_ruby_unaccent (1.2.0)
    sort_alphabetical (1.1.0)
      unicode_utils (>= 1.2.2)
    sprockets (3.7.2)
      concurrent-ruby (~> 1.0)
      rack (> 1, < 3)
    sprockets-rails (3.2.1)
      actionpack (>= 4.0)
      activesupport (>= 4.0)
      sprockets (>= 3.0.0)
    temple (0.8.2)
    text (1.3.1)
    thor (1.0.1)
    thread_safe (0.3.6)
    tilt (2.0.10)
    timecop (0.9.1)
    tzinfo (1.2.6)
      thread_safe (~> 0.1)
    uglifier (4.2.0)
      execjs (>= 0.3.0, < 3)
    unf (0.1.4)
      unf_ext
    unf_ext (0.0.7.6)
    unicode-display_width (1.6.0)
    unicode_utils (1.4.0)
    useragent (0.16.10)
    virtus (1.0.5)
      axiom-types (~> 0.1)
      coercible (~> 1.0)
      descendants_tracker (~> 0.0, >= 0.0.3)
      equalizer (~> 0.0, >= 0.0.9)
    webmock (3.7.6)
      addressable (>= 2.3.6)
      crack (>= 0.3.2)
      hashdiff (>= 0.4.0, < 2.0.0)
    websocket-driver (0.7.1)
      websocket-extensions (>= 0.1.0)
    websocket-extensions (0.1.4)
    whenever (1.0.0)
      chronic (>= 0.6.3)
    whenever-test (1.0.1)
      whenever
    will_paginate (3.2.1)
    will_paginate-bootstrap (1.0.2)
      will_paginate (>= 3.0.3)
    xpath (3.2.0)
      nokogiri (~> 1.8)
    zeitwerk (2.2.2)
    zendesk_api (1.21.0)
      faraday (~> 0.9)
      hashie (>= 3.5.2, < 4.0.0)
      inflection
      mime-types
      multipart-post (~> 2.0)

PLATFORMS
  ruby

DEPENDENCIES
  activerecord-session_store
  ancestry
  annotate
  aws-sdk-s3
  brakeman
  byebug
  capybara
  carrierwave
  coffee-rails
  country_select
  daemon
  delayed_job
  delayed_job_active_record
  dotenv-rails
  elasticsearch (~> 6.1)
  elasticsearch-model (~> 6.0.0)
  elasticsearch-rails (~> 6.1)
  factory_bot_rails
  faker
  fastimage
  fog-aws
  friendly_id
  geckoboard-ruby
  govuk_elements_form_builder (~> 0.0)
  govuk_elements_rails (~> 2.2)
  govuk_frontend_toolkit
  govuk_template
  haml-rails
  health_check
  jasmine-rails
  jquery-rails
  kramdown
  logstasher
  mail
  mini_magick
  omniauth-oauth2
  paper_trail
  pg
  premailer-rails
  pry-byebug
  pry-rails
  puma
  pundit
  rails (~> 6.0.2)
  rails-controller-testing
  rails_12factor
  rspec-json_expectations
  rspec-rails (~> 4.0.0beta4)
  rubocop
  rubocop-performance
  rubocop-rspec
  sass-rails
  selenium-webdriver
  sentry-raven
  shoulda-matchers
  simplecov
  site_prism
  sprockets (~> 3)
  text
  timecop
  uglifier
  unf
  useragent
  virtus
  webmock
  whenever
  whenever-test
  will_paginate
  will_paginate-bootstrap
  zendesk_api

RUBY VERSION
   ruby 2.6.5p114

BUNDLED WITH
   1.17.3
